GEM
  remote: https://rubygems.org/
  specs:
    activesupport (3.2.18)
      i18n (~> 0.6, >= 0.6.4)
      multi_json (~> 1.0)
    addressable (2.3.6)
    coderay (1.1.0)
    crack (0.4.2)
      safe_yaml (~> 1.0.0)
    daemons (1.1.9)
    diff-lcs (1.2.5)
    eventmachine (1.0.3)
    faraday (0.9.0)
      multipart-post (>= 1.2, < 3)
    haml (4.0.5)
      tilt
    hashie (2.1.1)
    i18n (0.6.9)
    jenkins_api_client (0.14.1)
      json
      mixlib-shellout (>= 1.1.0)
      nokogiri (~> 1.5.0)
      terminal-table (>= 1.4.0)
      thor (>= 0.16.0)
    json (1.8.1)
    jwt (1.0.0)
    method_source (0.8.2)
    mime-types (2.3)
    mixlib-shellout (1.4.0)
    multi_json (1.10.1)
    multi_xml (0.5.5)
    multipart-post (2.0.0)
    nokogiri (1.5.11)
    oauth2 (0.9.4)
      faraday (>= 0.8, < 0.10)
      jwt (~> 1.0)
      multi_json (~> 1.3)
      multi_xml (~> 0.5)
      rack (~> 1.2)
    octokit (3.1.0)
      sawyer (~> 0.5.3)
    omniauth (1.2.1)
      hashie (>= 1.2, < 3)
      rack (~> 1.0)
    omniauth-github (1.1.2)
      omniauth (~> 1.0)
      omniauth-oauth2 (~> 1.1)
    omniauth-oauth2 (1.1.2)
      faraday (>= 0.8, < 0.10)
      multi_json (~> 1.3)
      oauth2 (~> 0.9.3)
      omniauth (~> 1.2)
    pry (0.9.12.6)
      coderay (~> 1.0)
      method_source (~> 0.8)
      slop (~> 3.4)
    rack (1.5.2)
    rack-protection (1.5.3)
      rack
    rack-ssl-enforcer (0.2.7)
    rack-test (0.6.2)
      rack (>= 1.0)
    rest-client (1.6.7)
      mime-types (>= 1.16)
    rspec (2.14.1)
      rspec-core (~> 2.14.0)
      rspec-expectations (~> 2.14.0)
      rspec-mocks (~> 2.14.0)
    rspec-core (2.14.8)
    rspec-expectations (2.14.5)
      diff-lcs (>= 1.1.3, < 2.0)
    rspec-mocks (2.14.6)
    safe_yaml (1.0.3)
    sawyer (0.5.4)
      addressable (~> 2.3.5)
      faraday (~> 0.8, < 0.10)
    sinatra (1.4.5)
      rack (~> 1.4)
      rack-protection (~> 1.4)
      tilt (~> 1.3, >= 1.3.4)
    slop (3.5.0)
    terminal-table (1.4.5)
    thin (1.6.2)
      daemons (>= 1.0.9)
      eventmachine (>= 1.0.0)
      rack (>= 1.0.0)
    thor (0.19.1)
    tilt (1.4.1)
    vcr (2.9.2)
    webmock (1.18.0)
      addressable (>= 2.3.6)
      crack (>= 0.3.2)

PLATFORMS
  ruby

DEPENDENCIES
  activesupport
  haml
  i18n
  jenkins_api_client
  octokit
  omniauth
  omniauth-github
  pry
  rack-ssl-enforcer
  rack-test
  rest-client
  rspec
  sinatra
  thin
  vcr
  webmock
